PATH
  remote: .
  specs:
    acts_as_money (0.2.4)
      activerecord
      money

GEM
  remote: http://rubygems.org/
  specs:
    activemodel (3.2.0)
      activesupport (= 3.2.0)
      builder (~> 3.0.0)
    activerecord (3.2.0)
      activemodel (= 3.2.0)
      activesupport (= 3.2.0)
      arel (~> 3.0.0)
      tzinfo (~> 0.3.29)
    activesupport (3.2.0)
      i18n (~> 0.6)
      multi_json (~> 1.0)
    arel (3.0.0)
    builder (3.0.0)
    i18n (0.6.0)
    json (1.6.5)
    money (4.0.1)
      i18n (~> 0.4)
      json
    multi_json (1.0.4)
    rake (0.9.2.2)
    sqlite3 (1.3.5)
    tzinfo (0.3.31)

PLATFORMS
  ruby

DEPENDENCIES
  acts_as_money!
  rake
  sqlite3
